GEM
  remote: https://rubygems.org/
  specs:
    activesupport (3.1.12)
      multi_json (~> 1.0)
    addressable (2.3.6)
    bourne (1.5.0)
      mocha (>= 0.13.2, < 0.15)
    builder (3.2.2)
    docile (1.1.5)
    faraday (0.7.6)
      addressable (~> 2.2)
      multipart-post (~> 1.1)
      rack (~> 1.1)
    git (1.2.7)
    github_api (0.5.1)
      faraday (~> 0.7.6)
      hashie (~> 1.2.0)
      multi_json (~> 1.3)
      nokogiri (~> 1.5.2)
      oauth2 (~> 0.5.2)
    hashie (1.2.0)
    highline (1.6.21)
    jeweler (2.0.1)
      builder
      bundler (>= 1.0)
      git (>= 1.2.5)
      github_api
      highline (>= 1.6.15)
      nokogiri (>= 1.5.10)
      rake
      rdoc
    json (1.8.1)
    metaclass (0.0.4)
    mocha (0.14.0)
      metaclass (~> 0.0.1)
    multi_json (1.10.1)
    multipart-post (1.2.0)
    nokogiri (1.5.11)
    oauth2 (0.5.2)
      faraday (~> 0.7)
      multi_json (~> 1.0)
    rack (1.5.2)
    rake (10.3.2)
    rdoc (3.12.2)
      json (~> 1.4)
    shoulda (3.1.1)
      shoulda-context (~> 1.0)
      shoulda-matchers (~> 1.2)
    shoulda-context (1.2.1)
    shoulda-matchers (1.5.6)
      activesupport (>= 3.0.0)
      bourne (~> 1.3)
    simplecov (0.8.2)
      docile (~> 1.1.0)
      multi_json
      simplecov-html (~> 0.8.0)
    simplecov-html (0.8.0)

PLATFORMS
  ruby

DEPENDENCIES
  activesupport (~> 3.1.0)
  bundler (~> 1.0)
  faraday (~> 0.7.4)
  jeweler (~> 2.0.1)
  nokogiri (~> 1.5.10)
  rdoc (~> 3.12)
  shoulda (~> 3.1.0)
  simplecov
